FRAMEWORK: NET45
NUGET
  remote: https://www.nuget.org/api/v2
  specs:
    Aether (7.0.2)
    Argu (1.1.2)
    Chiron (5.2.1)
      Aether (>= 7.0.1)
      FParsec (>= 1.0.2)
    Common.Logging (3.3.1)
      Common.Logging.Core (>= 3.3.1)
    Common.Logging.Core (3.3.1)
    elmah.corelibrary (1.2.2)
    elmah.io.client (2.0.25)
    elmah.io.core (2.0.25)
      elmah.corelibrary (>= 1.2.2)
      elmah.io.client
    EventStore.Client.PreRelease (3.1.1)
      Newtonsoft.Json (>= 6.0.8)
      protobuf-net (>= 2.0.0.668)
    FAKE (4.10.3)
    FluentMigrator (1.6.1)
    FluentMigrator.Runner (1.6.1)
      FluentMigrator (>= 1.6.1)
    FParsec (1.0.2)
    FsCheck (2.2.3)
      FSharp.Core (>= 3.1.2.5)
    FSharp.Control.AsyncSeq (2.0.2)
    FSharp.Core (3.1.2.5)
    FSharpx.Async (1.12.0)
      FSharp.Control.AsyncSeq
    FSharpx.Collections (1.13.4)
      FSharp.Core (>= 3.0.0)
    FSharpx.Extras (1.10.3)
      FSharpx.Async (>= 1.12)
      FSharpx.Collections (>= 1.10.1)
    FsMachines (0.2.0)
      FSharpx.Extras (>= 1.10.2)
    FsSql (2.1.0)
      FSharp.Core (>= 3.1.2.1)
    FsUnit (1.4.0)
      FSharp.Core (>= 3.1.2.5)
      NUnit (2.6.4)
    Fuchu (1.0.2)
      FSharp.Core (>= 3.1.2.1)
    Fuchu.FsCheck (1.0.2)
      FsCheck (>= 2.2.2)
      FSharp.Core (>= 3.1.2.5)
      Fuchu (>= 1.0.2.0)
    Hawk (0.9.3)
      FSharp.Core (>= 3.1.2.5)
      NodaTime (>= 1.3.1)
    Hopac (0.1.0)
      FSharp.Core (>= 3.1.2.1)
    Http.fs-prerelease (2.4.0)
      FSharp.Core (>= 3.1.2.1)
    log4net (2.0.4)
    loggr-dotnet (1.0.9)
    Machine.Specifications (0.9.3)
    Machine.Specifications.Should (0.8.0)
      Machine.Specifications (>= 0.9 < 1.0)
    Mailgun.Api (0.0.5)
      Chiron (>= 5.2.1)
      Http.fs-prerelease (>= 2.3.0)
      NodaTime (>= 1.3.1)
    Newtonsoft.Json (7.0.1)
    NLog (4.2.2)
    NodaTime (1.3.1)
    NUnit (2.6.4)
    protobuf-net (2.0.0.668)
    RestSharp (105.2.3)
    Suave (0.33.0)
      FSharp.Core (>= 3.1.2.5)
    System.Data.SQLite.Core (1.0.98.1)
    Topshelf (3.3.0)
    Topshelf.FSharp (2.1.0)
      Topshelf (>= 3.2.0)
    Unquote (2.2.2)
GITHUB
  remote: xyncro/chiron
  specs:
    src/Chiron/Chiron.fs (e0f4c122b21cb02d47ae3f4f83924b2dcb8dea9e)
  remote: xyncro/aether
  specs:
    src/Aether/Aether.fs (5b5c05db2414562e9f3f679d42284638e63b9f3a)
  remote: haf/YoLo
  specs:
    YoLo.fs (0d120146e4c558b1b7cb1763161dcf33e31de22b)
  remote: haf/expecto-patronum
  specs:
    ExpectoPatronum/Assert.fs (7a8734f80a1e8dab75e25283ee98382267030f5b)